GEM
  remote: https://rubygems.org/
  specs:
    chunky_png (1.2.8)
    jruby-jars (1.7.4)
    minitest (5.0.1)
    rake (10.0.3)
    rqrcode (0.4.2)
    rqrcode_png (0.1.1)
      chunky_png
      rqrcode
    zxing (0.3.1)
      jruby-jars

PLATFORMS
  java

DEPENDENCIES
  minitest (~> 5.0)
  rake (~> 10.0)
  rqrcode_png (~> 0.1)
  zxing (~> 0.3)
